PATH
  remote: .
  specs:
    ycontrol (0.0.1)
      httparty (~> 0.12.0)
      libxml-ruby (~> 2.6)

GEM
  remote: https://rubygems.org/
  specs:
    httparty (0.12.0)
      json (~> 1.8)
      multi_xml (>= 0.5.2)
    json (1.8.1)
    libxml-ruby (2.7.0)
    multi_xml (0.5.5)

PLATFORMS
  ruby

DEPENDENCIES
  ycontrol!
